PATH
  remote: .
  specs:
    sinatra-gen (0.4.1)
      rack-test (>= 0.4.1)
      rubigen (= 1.5.8)
      sinatra (>= 0.9.4)

GEM
  remote: http://rubygems.org/
  specs:
    RedCloth (4.2.9)
    activesupport (2.3.14)
    hoe (3.0.6)
      rake (~> 0.8)
    newgem (1.5.3)
      RedCloth (>= 4.1.1)
      activesupport (~> 2.3.4)
      rubigen (>= 1.5.3)
      syntax (>= 1.0.0)
    rack (1.4.1)
    rack-protection (1.2.0)
      rack
    rack-test (0.6.1)
      rack (>= 1.0)
    rake (0.9.2.2)
    rubigen (1.5.8)
      activesupport (>= 2.3.5, < 3.2.0)
    sinatra (1.3.2)
      rack (~> 1.3, >= 1.3.6)
      rack-protection (~> 1.2)
      tilt (~> 1.3, >= 1.3.3)
    syntax (1.0.0)
    tilt (1.3.3)

PLATFORMS
  ruby

DEPENDENCIES
  hoe (>= 2.3.3)
  newgem (>= 1.5.2)
  sinatra-gen!
